GIT
  remote: git://github.com/thibaudgg/jekyll.git
  revision: 55025b5
  branch: no-server
  specs:
    jekyll (0.6.2)
      classifier (>= 1.3.1)
      directory_watcher (>= 1.1.1)
      liquid (>= 1.9.0)
      maruku (>= 0.5.9)

GEM
  remote: http://rubygems.org/
  specs:
    RedCloth (4.2.3)
    aws-s3 (0.6.2)
      builder
      mime-types
      xml-simple
    builder (2.1.2)
    classifier (1.3.3)
      fast-stemmer (>= 1.0.0)
    directory_watcher (1.3.2)
    fast-stemmer (1.0.0)
    jekyll_ext (0.1.2)
    liquid (2.1.2)
    maruku (0.6.0)
      syntax (>= 1.0.0)
    mime-types (1.16)
    newrelic_rpm (2.12.3)
    rack (1.2.1)
    rack-jekyll (0.3.5)
      jekyll
      rack
    syntax (1.0.0)
    xml-simple (1.0.12)

PLATFORMS
  ruby

DEPENDENCIES
  RedCloth
  aws-s3
  jekyll!
  jekyll_ext
  newrelic_rpm
  rack-jekyll
