GIT
  remote: git://github.com/adaoraul/rack-jekyll.git
  revision: d9cbc59121c4441820353485fbacd4d5295c5cd3
  specs:
    rack-jekyll (0.3.7)
      jekyll (~> 0.11.0)
      rack (~> 1.3.2)

GEM
  remote: http://rubygems.org/
  specs:
    POpen4 (0.1.4)
      Platform (>= 0.4.0)
      open4
    Platform (0.4.0)
    RedCloth (4.2.9)
    albino (1.3.3)
      posix-spawn (>= 0.3.6)
    aws-s3 (0.6.2)
      builder
      mime-types
      xml-simple
    builder (3.0.0)
    classifier (1.3.3)
      fast-stemmer (>= 1.0.0)
    directory_watcher (1.4.1)
    execjs (1.3.0)
      multi_json (~> 1.0)
    fast-stemmer (1.0.0)
    jammit (0.6.5)
      yui-compressor (>= 0.9.3)
    jekyll (0.11.2)
      albino (~> 1.3)
      classifier (~> 1.3)
      directory_watcher (~> 1.1)
      kramdown (~> 0.13)
      liquid (~> 2.3)
      maruku (~> 0.5)
    jekyll_ext (0.1.4)
    kramdown (0.13.4)
    liquid (2.3.0)
    maruku (0.6.0)
      syntax (>= 1.0.0)
    mime-types (1.17.2)
    multi_json (1.0.4)
    open4 (1.3.0)
    posix-spawn (0.3.6)
    rack (1.3.6)
    syntax (1.0.0)
    uglifier (1.2.3)
      execjs (>= 0.3.0)
      multi_json (>= 1.0.2)
    xml-simple (1.1.1)
    yui-compressor (0.9.6)
      POpen4 (>= 0.1.4)

PLATFORMS
  ruby

DEPENDENCIES
  RedCloth (~> 4.2.9)
  aws-s3 (= 0.6.2)
  bundler
  jammit
  jekyll (~> 0.11.2)
  jekyll_ext (~> 0.1.4)
  liquid (~> 2.3.0)
  rack-jekyll!
  uglifier
