GEM
  remote: http://rubygems.org/
  specs:
    RedCloth (4.2.3)
    aws-s3 (0.6.2)
      builder
      mime-types
      xml-simple
    builder (3.0.0)
    classifier (1.3.3)
      fast-stemmer (>= 1.0.0)
    directory_watcher (1.3.2)
    fast-stemmer (1.0.0)
    jekyll (0.10.0)
      classifier (>= 1.3.1)
      directory_watcher (>= 1.1.1)
      liquid (>= 1.9.0)
      maruku (>= 0.5.9)
    jekyll_ext (0.1.3)
    liquid (2.2.2)
    maruku (0.6.0)
      syntax (>= 1.0.0)
    mime-types (1.16)
    rack (1.2.1)
    rack-jekyll (0.3.5)
      jekyll
      rack
    syntax (1.0.0)
    xml-simple (1.0.12)

PLATFORMS
  ruby

DEPENDENCIES
  RedCloth (~> 4.2.3)
  aws-s3 (= 0.6.2)
  bundler
  jekyll (~> 0.10.0)
  jekyll_ext (~> 0.1.3)
  liquid (~> 2.2.2)
  rack-jekyll (~> 0.3.5)
